GEM
  remote: https://rubygems.org/
  specs:
    byebug (11.1.3)
    date (3.3.3)
    nokogiri (1.14.2-arm64-darwin)
      racc (~> 1.4)
    open-uri (0.3.0)
      stringio
      time
      uri
    racc (1.6.2)
    regexp_parser (2.7.0)
    rexml (3.2.5)
    rubyzip (2.3.2)
    selenium-webdriver (4.8.1)
      rexml (~> 3.2, >= 3.2.5)
      rubyzip (>= 1.2.2, < 3.0)
      websocket (~> 1.0)
    stringio (3.0.5)
    time (0.2.1)
      date
    uri (0.12.0)
    watir (7.2.2)
      regexp_parser (>= 1.2, < 3)
      selenium-webdriver (~> 4.2)
    websocket (1.2.9)

PLATFORMS
  arm64-darwin-21

DEPENDENCIES
  byebug
  nokogiri
  open-uri
  selenium-webdriver
  watir

BUNDLED WITH
   2.3.24
